PATH
  remote: .
  specs:
    multi_xml (0.2.0)

GEM
  remote: http://rubygems.org/
  specs:
    diff-lcs (1.1.2)
    libxml-ruby (1.1.4)
    nokogiri (1.4.3.1)
    rake (0.8.7)
    rcov (0.9.9)
    rspec (2.0.1)
      rspec-core (~> 2.0.1)
      rspec-expectations (~> 2.0.1)
      rspec-mocks (~> 2.0.1)
    rspec-core (2.0.1)
    rspec-expectations (2.0.1)
      diff-lcs (>= 1.1.2)
    rspec-mocks (2.0.1)
      rspec-core (~> 2.0.1)
      rspec-expectations (~> 2.0.1)

PLATFORMS
  ruby

DEPENDENCIES
  bundler (~> 1.0)
  libxml-ruby (~> 1.1)
  multi_xml!
  nokogiri (~> 1.4)
  rake (~> 0.8)
  rcov (~> 0.9)
  rspec (~> 2.0)
