PATH
  remote: .
  specs:
    faraday_middleware (0.3.1)
      faraday (~> 0.5.3)

GEM
  remote: http://rubygems.org/
  specs:
    addressable (2.2.2)
    faraday (0.5.3)
      addressable (~> 2.2.2)
      multipart-post (~> 1.0.1)
      rack (>= 1.1.0, < 2)
    hashie (0.4.0)
    json (1.4.6)
    json (1.4.6-java)
    multi_json (0.0.5)
    multi_xml (0.2.0)
    multipart-post (1.0.1)
    oauth2 (0.1.0)
      faraday (~> 0.5.0)
      multi_json (~> 0.0.4)
    rack (1.2.1)
    rake (0.8.7)
    shoulda (2.11.3)
    simplecov (0.3.7)
      simplecov-html (>= 0.3.7)
    simplecov-html (0.3.9)
    test-unit (2.1.2)

PLATFORMS
  java
  ruby

DEPENDENCIES
  faraday (~> 0.5.3)
  faraday_middleware!
  hashie (~> 0.4)
  json (~> 1.4)
  multi_json (~> 0.0)
  multi_xml (~> 0.2)
  oauth2 (~> 0.1)
  rake (~> 0.8)
  shoulda (~> 2.11)
  simplecov (~> 0.3)
  test-unit (~> 2.1)
