PATH
  remote: .
  specs:
    attr_required (0.0.2)

GEM
  specs:
    diff-lcs (1.1.2)
    rake (0.8.7)
    rcov (0.9.9)
    rspec (2.1.0)
      rspec-core (~> 2.1.0)
      rspec-expectations (~> 2.1.0)
      rspec-mocks (~> 2.1.0)
    rspec-core (2.1.0)
    rspec-expectations (2.1.0)
      diff-lcs (~> 1.1.2)
    rspec-mocks (2.1.0)

PLATFORMS
  ruby

DEPENDENCIES
  attr_required!
  rake (>= 0.8)
  rcov (>= 0.9)
  rspec (>= 2)
